PATH
  remote: .
  specs:
    mbrew (0.1.1)
      git (~> 1.2)
      highline (~> 1.7)
      id3lib-ruby (~> 0.6)
      rainbow (~> 2.0)
      thefox-ext (~> 1.0)

GEM
  remote: https://rubygems.org/
  specs:
    git (1.2.9.1)
    highline (1.7.8)
    id3lib-ruby (0.6.0)
    rainbow (2.0.0)
    thefox-ext (1.1.0)

PLATFORMS
  ruby

DEPENDENCIES
  bundler (~> 1.10)
  mbrew!

BUNDLED WITH
   1.10.2
